GEM
  specs:
    curb (0.7.18)

PLATFORMS
  ruby

DEPENDENCIES
  curb
