GEM
  specs:
    gems-status (1.69.0)
      bundler
      git
      gmail
      json
      mercurial-ruby
      xml-simple
    git (1.2.6)
    gmail (0.4.0)
      gmail_xoauth (>= 0.3.0)
      mail (>= 2.2.1)
      mime (>= 0.1)
    gmail_xoauth (0.4.1)
      oauth (>= 0.3.6)
    json (1.8.0)
    mail (2.5.4)
      mime-types (~> 1.16)
      treetop (~> 1.4.8)
    mercurial-ruby (0.7.11)
      open4 (~> 1.3.0)
    mime (0.1)
    mime-types (1.25)
    oauth (0.4.7)
    open4 (1.3.0)
    polyglot (0.3.3)
    treetop (1.4.15)
      polyglot
      polyglot (>= 0.3.1)
    xml-simple (1.1.2)

PLATFORMS
  ruby

DEPENDENCIES
  gems-status
